GEM
  remote: https://rubygems.org/
  specs:
    autoprefixer-rails (1.1.20140410)
      execjs
    chunky_png (1.3.1)
    compass (0.12.6)
      chunky_png (~> 1.2)
      fssm (>= 0.2.7)
      sass (~> 3.2.19)
    compass-normalize (1.5)
      compass (>= 0.12.0)
    execjs (2.2.0)
    fssm (0.2.10)
    sass (3.2.19)

PLATFORMS
  ruby

DEPENDENCIES
  autoprefixer-rails (= 1.1.20140410)
  compass
  compass-normalize
  sass
